GEM
  remote: http://rubygems.org/
  specs:
    bourbon (1.4.0)
      sass (>= 3.1)
    daemons (1.1.8)
    eventmachine (0.12.10)
    ffi (1.11.2)
    rack (1.4.1)
    rack-protection (1.2.0)
      rack
    redcarpet (3.5.0)
    sass (3.1.15)
    sinatra (1.3.2)
      rack (~> 1.3, >= 1.3.6)
      rack-protection (~> 1.2)
      tilt (~> 1.3, >= 1.3.3)
    thin (1.3.1)
      daemons (>= 1.0.9)
      eventmachine (>= 0.12.6)
      rack (>= 1.0.0)
    tilt (1.3.3)

PLATFORMS
  ruby

DEPENDENCIES
  bourbon (= 1.4.0)
  redcarpet
  sinatra (= 1.3.2)
  thin
