GEM
  remote: http://rubygems.org/
  specs:
    blankslate (2.1.2.4)
    bourbon (1.4.0)
      sass (>= 3.1)
    daemons (1.1.8)
    eventmachine (0.12.10)
    ffi (1.0.11)
    pygments.rb (0.2.12)
      rubypython (~> 0.5.3)
    rack (1.4.1)
    rack-protection (1.2.0)
      rack
    redcarpet (2.1.1)
    rubypython (0.5.3)
      blankslate (>= 2.1.2.3)
      ffi (~> 1.0.7)
    sass (3.1.15)
    sinatra (1.3.2)
      rack (~> 1.3, >= 1.3.6)
      rack-protection (~> 1.2)
      tilt (~> 1.3, >= 1.3.3)
    thin (1.3.1)
      daemons (>= 1.0.9)
      eventmachine (>= 0.12.6)
      rack (>= 1.0.0)
    tilt (1.3.3)

PLATFORMS
  ruby

DEPENDENCIES
  bourbon (= 1.4.0)
  pygments.rb (= 0.2.12)
  redcarpet
  rubypython (= 0.5.3)
  sinatra (= 1.3.2)
  thin
